PATH
  remote: .
  specs:
    arel_mini (0.1.0)

GEM
  remote: https://rubygems.org/
  specs:
    rake (13.0.1)

PLATFORMS
  ruby

DEPENDENCIES
  arel_mini!
  bundler (~> 1.17)
  rake (~> 13.0)

BUNDLED WITH
   1.17.2
